GEM
  remote: http://rubygems.org/
  specs:
    chunky_png (1.2.6)
    coffee-script (2.2.0)
      coffee-script-source
      execjs
    coffee-script-source (1.4.0)
    compass (0.12.2)
      chunky_png (~> 1.2)
      fssm (>= 0.2.7)
      sass (~> 3.1)
    execjs (1.4.0)
      multi_json (~> 1.0)
    fssm (0.2.9)
    jsmin (1.0.1)
    libv8 (3.3.10.4)
    multi_json (1.3.6)
    rack (1.4.1)
    rack-test (0.6.2)
      rack (>= 1.0)
    sass (3.2.1)
    sinatra (1.1.0)
      rack (~> 1.1)
      tilt (~> 1.1)
    sinatra-assetpack (0.0.11)
      jsmin
      rack-test
      sinatra
      tilt (>= 1.3.0)
    therubyracer (0.10.2)
      libv8 (~> 3.3.10)
    tilt (1.3.3)

PLATFORMS
  ruby

DEPENDENCIES
  coffee-script
  compass
  sinatra
  sinatra-assetpack
  therubyracer
